PATH
  remote: .
  specs:
    murmurhash_jruby (0.0.1)

GEM
  remote: https://rubygems.org/
  specs:
    minitest (5.4.1)
    rake (11.3.0)

PLATFORMS
  java

DEPENDENCIES
  minitest (~> 5.0)
  murmurhash_jruby!
  rake (~> 11)

BUNDLED WITH
   1.13.6
